PATH
  remote: .
  specs:
    harvester_core (0.0.1)
      actionpack (>= 3.2)
      activemodel (>= 3.2)
      activesupport (>= 3.2)
      chronic (~> 0.8.0)
      jsonpath (~> 0.5.0)
      nokogiri
      redis (~> 3)
      rest-client (~> 1.6.7)
      tzinfo

GEM
  remote: https://rubygems.org/
  specs:
    actionpack (4.0.0)
      activesupport (= 4.0.0)
      builder (~> 3.1.0)
      erubis (~> 2.7.0)
      rack (~> 1.5.2)
      rack-test (~> 0.6.2)
    activemodel (4.0.0)
      activesupport (= 4.0.0)
      builder (~> 3.1.0)
    activesupport (4.0.0)
      i18n (~> 0.6, >= 0.6.4)
      minitest (~> 4.2)
      multi_json (~> 1.3)
      thread_safe (~> 0.1)
      tzinfo (~> 0.3.37)
    addressable (2.3.2)
    atomic (1.1.13)
    builder (3.1.4)
    chronic (0.8.0)
    crack (0.3.1)
    diff-lcs (1.1.3)
    erubis (2.7.0)
    i18n (0.6.5)
    jsonpath (0.5.4)
      multi_json
    mime-types (1.25)
    mini_portile (0.5.0)
    minitest (4.7.5)
    multi_json (1.8.0)
    nokogiri (1.6.0)
      mini_portile (~> 0.5.0)
    rack (1.5.2)
    rack-test (0.6.2)
      rack (>= 1.0)
    rake (10.0.2)
    redis (3.0.4)
    rest-client (1.6.7)
      mime-types (>= 1.16)
    rspec (2.11.0)
      rspec-core (~> 2.11.0)
      rspec-expectations (~> 2.11.0)
      rspec-mocks (~> 2.11.0)
    rspec-core (2.11.1)
    rspec-expectations (2.11.3)
      diff-lcs (~> 1.1.3)
    rspec-mocks (2.11.3)
    thread_safe (0.1.2)
      atomic
    tzinfo (0.3.37)
    webmock (1.8.11)
      addressable (>= 2.2.7)
      crack (>= 0.1.7)

PLATFORMS
  ruby

DEPENDENCIES
  harvester_core!
  rake
  rspec (~> 2.11.0)
  webmock (~> 1.8)
